GIT
  remote: https://github.com/harryuan65/Katagen
  revision: f61575bc1d645214946ed1950dcd941504910b96
  specs:
    katagen (0.1.0)
      erb (~> 2.2.0)
      thor (~> 1.0)

GEM
  remote: https://rubygems.org/
  specs:
    ast (2.4.2)
    awesome_print (1.9.2)
    backport (1.1.2)
    benchmark (0.1.1)
    cgi (0.2.1)
    coderay (1.1.3)
    diff-lcs (1.5.0)
    e2mmap (0.1.0)
    erb (2.2.0)
      cgi
    jaro_winkler (1.5.4)
    kramdown (2.3.1)
      rexml
    kramdown-parser-gfm (1.1.0)
      kramdown (~> 2.0)
    method_source (1.0.0)
    nokogiri (1.11.2-arm64-darwin)
      racc (~> 1.4)
    nokogiri (1.11.2-x86_64-darwin)
      racc (~> 1.4)
    parallel (1.20.1)
    parser (3.0.0.0)
      ast (~> 2.4.1)
    pry (0.14.1)
      coderay (~> 1.1)
      method_source (~> 1.0)
    racc (1.5.2)
    rainbow (3.0.0)
    rake (13.0.6)
    regexp_parser (2.1.1)
    reverse_markdown (2.0.0)
      nokogiri
    rexml (3.2.4)
    rspec-core (3.10.1)
      rspec-support (~> 3.10.0)
    rspec-expectations (3.10.2)
      diff-lcs (>= 1.2.0, < 2.0)
      rspec-support (~> 3.10.0)
    rspec-support (3.10.3)
    rubocop (1.11.0)
      parallel (~> 1.10)
      parser (>= 3.0.0.0)
      rainbow (>= 2.2.2, < 4.0)
      regexp_parser (>= 1.8, < 3.0)
      rexml
      rubocop-ast (>= 1.2.0, < 2.0)
      ruby-progressbar (~> 1.7)
      unicode-display_width (>= 1.4.0, < 3.0)
    rubocop-ast (1.4.1)
      parser (>= 2.7.1.5)
    ruby-progressbar (1.11.0)
    rufo (0.12.0)
    solargraph (0.40.4)
      backport (~> 1.1)
      benchmark
      bundler (>= 1.17.2)
      e2mmap
      jaro_winkler (~> 1.5)
      kramdown (~> 2.3)
      kramdown-parser-gfm (~> 1.1)
      parser (~> 3.0)
      reverse_markdown (>= 1.0.5, < 3)
      rubocop (>= 0.52)
      thor (~> 1.0)
      tilt (~> 2.0)
      yard (~> 0.9, >= 0.9.24)
    sorbet (0.5.9531)
      sorbet-static (= 0.5.9531)
    sorbet-runtime (0.5.9531)
    sorbet-static (0.5.9531-universal-darwin-19)
    sorbet-static (0.5.9531-universal-darwin-20)
    sorbet-static (0.5.9531-universal-darwin-21)
    sorbet-static-and-runtime (0.5.9531)
      sorbet (= 0.5.9531)
      sorbet-runtime (= 0.5.9531)
    thor (1.1.0)
    tilt (2.0.10)
    unicode-display_width (2.0.0)
    yard (0.9.26)

PLATFORMS
  arm64-darwin-20
  arm64-darwin-21
  x86_64-darwin-19

DEPENDENCIES
  awesome_print (~> 1.9)
  erb
  katagen!
  pry
  rake
  rspec-core
  rspec-expectations
  rspec-support
  rufo
  solargraph
  sorbet-static-and-runtime (~> 0.5.9531)
  thor

BUNDLED WITH
   2.2.32
